PATH
  remote: .
  specs:
    gattica (1.5.4)

GEM
  remote: http://rubygems.org/
  specs:
    json (1.8.3)
    power_assert (0.2.4)
    test-unit (3.1.2)
      power_assert

PLATFORMS
  ruby

DEPENDENCIES
  bundler
  gattica!
  json
  test-unit
