PATH
  remote: .
  specs:
    gattica (0.5.1)
      hpricot
      test-unit

GEM
  remote: http://rubygems.org/
  specs:
    hpricot (0.8.6)
    rake (0.9.2.2)
    test-unit (2.4.5)

PLATFORMS
  ruby

DEPENDENCIES
  gattica!
  rake
  test-unit
